GEM
  remote: https://rubygems.org/
  specs:
    dotenv (1.0.1)
    foreman (0.63.0)
      dotenv (>= 0.7)
      thor (>= 0.13.6)
    rack (1.5.2)
    rack-protection (1.5.3)
      rack
    rake (10.3.2)
    serialport (1.3.1)
    sinatra (1.4.5)
      rack (~> 1.4)
      rack-protection (~> 1.4)
      tilt (~> 1.3, >= 1.3.4)
    slim (2.0.3)
      temple (~> 0.6.6)
      tilt (>= 1.3.3, < 2.1)
    temple (0.6.8)
    thor (0.19.1)
    tilt (1.4.1)

PLATFORMS
  ruby

DEPENDENCIES
  dotenv
  foreman
  rake
  serialport
  sinatra
  slim
  tilt (~> 1.3, >= 1.3.4)
